GIT
  remote: git@github.com:Swirrl/pmd_analytics_models.git
  revision: 34ca1e56d1a7cf3906e23a0bd901becce079008d
  branch: master
  specs:
    pmd_analytics_models (0.0.5)
      activesupport
      mongoid (= 3.0.1)
      require_all

GIT
  remote: git@github.com:Swirrl/pmd_core.git
  revision: c7c7dfc08d968934d9853014d8cfeffcc425ef39
  branch: master
  specs:
    publish_my_data (0.9.0)
      airbrake
      dalli (~> 1.1)
      haml-rails
      journey (>= 1.0.4)
      jquery-rails
      json
      kaminari
      pmd_analytics_models (~> 0.0.4)
      rails (~> 3.2)
      rails_autolink
      rdf (~> 0.3)
      rdf-json
      rdf-n3
      rdf-rdfxml
      rdiscount
      rest-client (~> 1.6.7)
      will_paginate (~> 3.0)

GEM
  remote: http://rubygems.org/
  specs:
    POpen4 (0.1.4)
      Platform (>= 0.4.0)
      open4
    Platform (0.4.0)
    actionmailer (3.2.12)
      actionpack (= 3.2.12)
      mail (~> 2.4.4)
    actionpack (3.2.12)
      activemodel (= 3.2.12)
      activesupport (= 3.2.12)
      builder (~> 3.0.0)
      erubis (~> 2.7.0)
      journey (~> 1.0.4)
      rack (~> 1.4.5)
      rack-cache (~> 1.2)
      rack-test (~> 0.6.1)
      sprockets (~> 2.2.1)
    activemodel (3.2.12)
      activesupport (= 3.2.12)
      builder (~> 3.0.0)
    activerecord (3.2.12)
      activemodel (= 3.2.12)
      activesupport (= 3.2.12)
      arel (~> 3.0.2)
      tzinfo (~> 0.3.29)
    activeresource (3.2.12)
      activemodel (= 3.2.12)
      activesupport (= 3.2.12)
    activesupport (3.2.12)
      i18n (~> 0.6)
      multi_json (~> 1.0)
    addressable (2.3.3)
    airbrake (3.1.8)
      activesupport
      builder
      json
    arel (3.0.2)
    backports (3.1.0)
    bcrypt-ruby (3.0.1)
    builder (3.0.4)
    cancan (1.6.8)
    cancan (1.6.9)
    capistrano (2.13.4)
    capistrano (2.14.2)
      highline
      net-scp (>= 1.0.0)
      net-sftp (>= 2.0.0)
      net-ssh (>= 2.0.14)
      net-ssh-gateway (>= 1.1.0)
    capybara (1.1.2)
      mime-types (>= 1.16)
      nokogiri (>= 1.3.3)
      rack (>= 1.0.0)
      rack-test (>= 0.5.4)
      selenium-webdriver (~> 2.0)
      xpath (~> 0.1.4)
    childprocess (0.3.5)
      ffi (~> 1.0, >= 1.0.6)
    childprocess (0.3.9)
      ffi (~> 1.0, >= 1.0.11)
    connection_pool (1.0.0)
    crack (0.3.1)
    crack (0.3.2)
    daemons (1.1.9)
    dalli (1.1.5)
    dalli (2.6.2)
    database_cleaner (0.8.0)
    database_cleaner (0.9.1)
    delayed_job (3.0.4)
      xpath (~> 1.0.0)
    delayed_job (3.0.5)
      activesupport (~> 3.0)
    delayed_job_mongoid (2.0.0)
      delayed_job (~> 3.0)
      mongoid (~> 3.0)
    devise (2.2.3)
      bcrypt-ruby (~> 3.0)
      orm_adapter (~> 0.1)
      railties (~> 3.1)
      warden (~> 1.2.1)
    diff-lcs (1.2.1)
    dynamic_form (1.1.4)
    equivalent-xml (0.2.9)
      nokogiri (>= 1.4.3)
    erubis (2.7.0)
    factory_girl (4.2.0)
      activesupport (>= 3.0.0)
    factory_girl_rails (4.2.1)
      factory_girl (~> 4.2.0)
      railties (>= 3.0.0)
    ffi (1.1.5)
    ffi (1.4.0)
    girl_friday (0.11.2)
      connection_pool (~> 1.0)
      rubinius-actor
    guid (0.1.1)
    haml (4.0.0)
      tilt
    haml-rails (0.4)
      actionpack (>= 3.1, < 4.1)
      activesupport (>= 3.1, < 4.1)
      haml (>= 3.1, < 4.1)
      railties (>= 3.1, < 4.1)
    highline (1.6.15)
    hike (1.2.1)
    honeypot-captcha (0.0.2)
    i18n (0.6.4)
    journey (1.0.4)
    jquery-rails (2.2.1)
      railties (>= 3.0, < 5.0)
      thor (>= 0.14, < 2.0)
    jruby-pageant (1.1.1)
    json (1.7.7)
    json_pure (1.7.6)
    json_pure (1.7.7)
    kaminari (0.14.1)
      actionpack (>= 3.0.0)
      activesupport (>= 3.0.0)
    libwebsocket (0.1.5)
      addressable
    mail (2.4.4)
      i18n (>= 0.4.0)
      mime-types (~> 1.16)
      treetop (~> 1.4.8)
    mime-types (1.21)
    mixable_engines (0.1.1)
      activesupport (>= 3.0.0)
      i18n
    mongoid (3.0.1)
      activemodel (~> 3.1)
      moped (~> 1.1.1)
      origin (~> 1.0.3)
      tzinfo (~> 0.3.22)
    mongoid (3.0.23)
      activemodel (~> 3.1)
      moped (~> 1.2)
      origin (~> 1.0)
      tzinfo (~> 0.3.22)
    moped (1.1.6)
    moped (1.4.3)
    multi_json (1.5.1)
    multi_json (1.6.1)
    net-scp (1.0.4)
      net-ssh (>= 1.99.1)
    net-scp (1.1.0)
      net-ssh (>= 2.6.5)
    net-sftp (2.0.5)
      net-ssh (>= 2.0.9)
    net-sftp (2.1.1)
      net-ssh (>= 2.6.5)
    net-ssh (2.6.0)
      jruby-pageant (>= 1.1.1)
    net-ssh (2.6.6)
    net-ssh-gateway (1.1.0)
      net-ssh (>= 1.99.1)
    net-ssh-gateway (1.2.0)
      net-ssh (>= 2.6.5)
    nokogiri (1.5.6)
    open4 (1.3.0)
    origin (1.0.11)
    orm_adapter (0.4.0)
    polyglot (0.3.3)
    rack (1.4.5)
    rack-cache (1.2)
      rack (>= 0.4)
    rack-ssl (1.3.3)
      rack
    rack-test (0.6.2)
      rack (>= 1.0)
    rails (3.2.12)
      actionmailer (= 3.2.12)
      actionpack (= 3.2.12)
      activerecord (= 3.2.12)
      activeresource (= 3.2.12)
      activesupport (= 3.2.12)
      bundler (~> 1.0)
      railties (= 3.2.12)
    rails_autolink (1.0.9)
      rails (~> 3.1)
    railties (3.2.12)
      actionpack (= 3.2.12)
      activesupport (= 3.2.12)
      rack-ssl (~> 1.3.2)
      rake (>= 0.8.7)
      rdoc (~> 3.4)
      thor (>= 0.14.6, < 2.0)
    rake (10.0.3)
    rdf (0.3.11.1)
      addressable (>= 2.2.6)
    rdf-json (0.3.0)
      json_pure (>= 1.4.2)
      rdf (~> 0.3.0)
    rdf-n3 (0.3.8)
      rdf (>= 0.3.11)
    rdf-rdfxml (0.3.9)
      rdf (>= 0.3.11)
      rdf-xsd (>= 0.3.8)
    rdf-xsd (1.0.0)
      backports
      nokogiri (>= 1.5.0)
      rdf (>= 0.3.4)
    rdiscount (2.0.7.1)
    rdoc (3.12.2)
      json (~> 1.4)
    require_all (1.2.1)
    rest-client (1.6.7)
      mime-types (>= 1.16)
    rspec (2.11.0)
      rspec-core (~> 2.11.0)
      rspec-expectations (~> 2.11.0)
      rspec-mocks (~> 2.11.0)
    rspec-core (2.11.1)
    rspec-core (2.13.0)
    rspec-expectations (2.11.3)
      diff-lcs (~> 1.1.3)
    rspec-expectations (2.13.0)
      diff-lcs (>= 1.1.3, < 2.0)
    rspec-mocks (2.11.3)
    rspec-mocks (2.13.0)
    rspec-rails (2.11.0)
      actionpack (>= 3.0)
      activesupport (>= 3.0)
      railties (>= 3.0)
      rspec (~> 2.11.0)
    rspec-rails (2.13.0)
      actionpack (>= 3.0)
      activesupport (>= 3.0)
      railties (>= 3.0)
      rspec-core (~> 2.13.0)
      rspec-expectations (~> 2.13.0)
      rspec-mocks (~> 2.13.0)
    rubinius-actor (0.0.2)
      rubinius-core-api
    rubinius-core-api (0.0.1)
    rubyzip (0.9.9)
    sass (3.2.1)
    sass (3.2.6)
    sass-rails (3.2.5)
      railties (~> 3.2.0)
      sass (>= 3.1.10)
      tilt (~> 1.3)
    sass-rails (3.2.6)
      railties (~> 3.2.0)
      sass (>= 3.1.10)
      tilt (~> 1.3)
    selenium-webdriver (2.25.0)
    selenium-webdriver (2.31.0)
      childprocess (>= 0.2.5)
      multi_json (~> 1.0)
      rubyzip
      websocket (~> 1.0.4)
    sprockets (2.2.2)
      hike (~> 1.2)
      multi_json (~> 1.0)
      rack (~> 1.0)
      tilt (~> 1.1, != 1.3.0)
    sys-uname (0.9.0)
      ffi (>= 1.0.0)
    thor (0.17.0)
    tilt (1.3.4)
    treetop (1.4.12)
      polyglot
      polyglot (>= 0.3.1)
    tripod (0.0.10)
      activemodel (~> 3.1)
      equivalent-xml
      guid
      rdf (~> 0.3)
      rdf-json
      rdf-n3
      rdf-rdfxml
      rest-client
    tzinfo (0.3.36)
    warden (1.2.1)
      rack (>= 1.0)
    webmock (1.11.0)
      addressable (>= 2.2.7)
      crack (>= 0.3.2)
    webmock (1.8.11)
      addressable (>= 2.2.7)
      crack (>= 0.1.7)
    websocket (1.0.7)
    will_paginate (3.0.4)
    xpath (0.1.4)
    xpath (1.0.0)
      nokogiri (~> 1.3)
    yui-compressor (0.9.6)
      POpen4 (>= 0.1.4)

PLATFORMS
  ruby

DEPENDENCIES
  airbrake
  cancan
  capistrano
  capybara
  daemons
  dalli (>= 1.0.0)
  database_cleaner
  delayed_job_mongoid
  devise (~> 2.2)
  dynamic_form
  factory_girl_rails (~> 4.0)
  guid
  haml-rails
  honeypot-captcha
  jquery-rails
  mixable_engines
  mongoid (~> 3.0.0)
  nokogiri
  pmd_analytics_models (~> 0.0.4)!
  publish_my_data!
  rails (= 3.2.12)
  rails_autolink
  rdf (~> 0.3)
  rdiscount
  rspec-rails (~> 2)
  sass-rails
  tripod (= 0.0.10)
  webmock
  yui-compressor
